PATH
  remote: .
  specs:
    Blackjack (0.0.1)
      cloudsdale
      trollop

PATH
  remote: ../Cloudsdale-Gem
  specs:
    cloudsdale (0.0.1)
      bcrypt-ruby (~> 3.0.0)
      faraday (~> 0.8.4)
      faraday_middleware (~> 0.9.0)
      faye-client
      hashie (~> 2.0.0)
      json (~> 1.7.5)

GEM
  remote: https://rubygems.org/
  specs:
    activesupport (3.2.13)
      i18n (= 0.6.1)
      multi_json (~> 1.0)
    addressable (2.3.4)
    bcrypt-ruby (3.0.1)
    celluloid (0.14.1)
      timers (>= 1.0.0)
    connection_pool (1.1.0)
    cookiejar (0.3.0)
    em-http-request (1.0.3)
      addressable (>= 2.2.3)
      cookiejar
      em-socksify
      eventmachine (>= 1.0.0.beta.4)
      http_parser.rb (>= 0.5.3)
    em-socksify (0.2.1)
      eventmachine (>= 1.0.0.beta.4)
    eventmachine (1.0.3)
    faraday (0.8.7)
      multipart-post (~> 1.1)
    faraday_middleware (0.9.0)
      faraday (>= 0.7.4, < 0.9)
    faye (0.8.9)
      cookiejar (>= 0.3.0)
      em-http-request (>= 0.3.0)
      eventmachine (>= 0.12.0)
      faye-websocket (>= 0.4.0)
      rack (>= 1.0.0)
      yajl-ruby (>= 1.0.0)
    faye-client (0.2.2)
      activesupport
      eventmachine
      faye
      sidekiq
    faye-websocket (0.6.1)
      eventmachine (>= 0.12.0)
      websocket-driver (>= 0.2.0)
    hashie (2.0.5)
    http_parser.rb (0.5.3)
    i18n (0.6.1)
    json (1.7.7)
    multi_json (1.7.7)
    multipart-post (1.2.0)
    rack (1.5.2)
    redis (3.0.4)
    redis-namespace (1.3.0)
      redis (~> 3.0.0)
    sidekiq (2.12.4)
      celluloid (>= 0.14.1)
      connection_pool (>= 1.0.0)
      json
      redis (>= 3.0)
      redis-namespace
    timers (1.1.0)
    trollop (2.0)
    websocket-driver (0.2.0)
    yajl-ruby (1.1.0)

PLATFORMS
  ruby

DEPENDENCIES
  Blackjack!
  cloudsdale!
